GEM
  remote: http://rubygems.org/
  specs:
    gosu (0.13.3)

PLATFORMS
  ruby

DEPENDENCIES
  gosu

BUNDLED WITH
   1.15.1
